GEM
  remote: https://rubygems.org/
  specs:
    cinch (2.0.12)
    dotenv (0.9.0)
    elasticsearch (1.0.0)
      elasticsearch-api (= 1.0.0)
      elasticsearch-transport (= 1.0.0)
    elasticsearch-api (1.0.0)
      multi_json
    elasticsearch-transport (1.0.0)
      faraday
      multi_json
    faraday (0.9.0)
      multipart-post (>= 1.2, < 3)
    foreman (0.63.0)
      dotenv (>= 0.7)
      thor (>= 0.13.6)
    multi_json (1.8.4)
    multipart-post (2.0.0)
    thor (0.18.1)

PLATFORMS
  ruby

DEPENDENCIES
  cinch
  elasticsearch
  foreman
